GIT
  remote: git://github.com/getgauge/gauge-ruby.git
  revision: b47a6b8b915ece967d07387dcf5ecaf6fdaf461b
  branch: master
  specs:
    gauge-ruby (0.4.3)
      method_source (~> 0.8.2)
      os (= 0.9.6)
      parser (~> 2.3)
      ruby-protocol-buffers (= 1.5.1)
      unparser (~> 0.2.6)

GEM
  remote: https://rubygems.org/
  specs:
    abstract_type (0.0.7)
    adamantium (0.2.0)
      ice_nine (~> 0.11.0)
      memoizable (~> 0.4.0)
    ast (2.3.0)
    concord (0.1.5)
      adamantium (~> 0.2.0)
      equalizer (~> 0.0.9)
    diff-lcs (1.3)
    equalizer (0.0.11)
    ice_nine (0.11.2)
    memoizable (0.4.2)
      thread_safe (~> 0.3, >= 0.3.1)
    method_source (0.8.2)
    os (0.9.6)
    parser (2.4.0.2)
      ast (~> 2.3)
    power_assert (1.1.1)
    procto (0.0.3)
    ruby-protocol-buffers (1.5.1)
    test-unit (3.2.7)
      power_assert
    thread_safe (0.3.6)
    unparser (0.2.6)
      abstract_type (~> 0.0.7)
      adamantium (~> 0.2.0)
      concord (~> 0.1.5)
      diff-lcs (~> 1.3)
      equalizer (~> 0.0.9)
      parser (>= 2.3.1.2, < 2.5)
      procto (~> 0.0.2)

PLATFORMS
  x64-mingw32

DEPENDENCIES
  gauge-ruby (~> 0.4.3)!
  test-unit

BUNDLED WITH
   1.16.1
